GIT
  remote: https://github.com/rspec/rspec-core
  revision: e7c5d030966a7e8dad3e0a67c61920c4f2437c15
  specs:
    rspec-core (3.10.0.pre)
      rspec-support (= 3.10.0.pre)

GIT
  remote: https://github.com/rspec/rspec-expectations
  revision: e63ff4765e1cd2798b02ddddad259f1104ef87a5
  specs:
    rspec-expectations (3.10.0.pre)
      diff-lcs (>= 1.2.0, < 2.0)
      rspec-support (= 3.10.0.pre)

GIT
  remote: https://github.com/rspec/rspec-mocks
  revision: 0a52e0a86b126b4bab94d277b2ad99a7492dc37d
  specs:
    rspec-mocks (3.10.0.pre)
      diff-lcs (>= 1.2.0, < 2.0)
      rspec-support (= 3.10.0.pre)

GIT
  remote: https://github.com/rspec/rspec-rails
  revision: 01704c50c146f720db914724c25681781ecefb23
  specs:
    rspec-rails (4.1.0.pre)
      actionpack (>= 4.2)
      activesupport (>= 4.2)
      railties (>= 4.2)
      rspec-core (= 3.10.0.pre)
      rspec-expectations (= 3.10.0.pre)
      rspec-mocks (= 3.10.0.pre)
      rspec-support (= 3.10.0.pre)

GIT
  remote: https://github.com/rspec/rspec-support
  revision: 6447b0c2c9d1cd3e1504784fb85675ca9ae7b7c3
  specs:
    rspec-support (3.10.0.pre)

GEM
  remote: https://rubygems.org/
  specs:
    actioncable (6.0.4.6)
      actionpack (= 6.0.4.6)
      nio4r (~> 2.0)
      websocket-driver (>= 0.6.1)
    actionmailbox (6.0.4.6)
      actionpack (= 6.0.4.6)
      activejob (= 6.0.4.6)
      activerecord (= 6.0.4.6)
      activestorage (= 6.0.4.6)
      activesupport (= 6.0.4.6)
      mail (>= 2.7.1)
    actionmailer (6.0.4.6)
      actionpack (= 6.0.4.6)
      actionview (= 6.0.4.6)
      activejob (= 6.0.4.6)
      mail (~> 2.5, >= 2.5.4)
      rails-dom-testing (~> 2.0)
    actionpack (6.0.4.6)
      actionview (= 6.0.4.6)
      activesupport (= 6.0.4.6)
      rack (~> 2.0, >= 2.0.8)
      rack-test (>= 0.6.3)
      rails-dom-testing (~> 2.0)
      rails-html-sanitizer (~> 1.0, >= 1.2.0)
    actiontext (6.0.4.6)
      actionpack (= 6.0.4.6)
      activerecord (= 6.0.4.6)
      activestorage (= 6.0.4.6)
      activesupport (= 6.0.4.6)
      nokogiri (>= 1.8.5)
    actionview (6.0.4.6)
      activesupport (= 6.0.4.6)
      builder (~> 3.1)
      erubi (~> 1.4)
      rails-dom-testing (~> 2.0)
      rails-html-sanitizer (~> 1.1, >= 1.2.0)
    activejob (6.0.4.6)
      activesupport (= 6.0.4.6)
      globalid (>= 0.3.6)
    activemodel (6.0.4.6)
      activesupport (= 6.0.4.6)
    activerecord (6.0.4.6)
      activemodel (= 6.0.4.6)
      activesupport (= 6.0.4.6)
    activestorage (6.0.4.6)
      actionpack (= 6.0.4.6)
      activejob (= 6.0.4.6)
      activerecord (= 6.0.4.6)
      marcel (~> 1.0.0)
    activesupport (6.0.4.6)
      concurrent-ruby (~> 1.0, >= 1.0.2)
      i18n (>= 0.7, < 2)
      minitest (~> 5.1)
      tzinfo (~> 1.1)
      zeitwerk (~> 2.2, >= 2.2.2)
    addressable (2.8.0)
      public_suffix (>= 2.0.2, < 5.0)
    ast (2.4.0)
    bcrypt (3.1.16)
    bindex (0.8.1)
    bootsnap (1.4.6)
      msgpack (~> 1.0)
    builder (3.2.4)
    byebug (11.1.1)
    capybara (3.36.0)
      addressable
      matrix
      mini_mime (>= 0.1.3)
      nokogiri (~> 1.8)
      rack (>= 1.6.0)
      rack-test (>= 0.6.3)
      regexp_parser (>= 1.5, < 3.0)
      xpath (~> 3.2)
    childprocess (3.0.0)
    concurrent-ruby (1.1.9)
    crass (1.0.6)
    cucumber (7.1.0)
      builder (~> 3.2, >= 3.2.4)
      cucumber-core (~> 10.1, >= 10.1.0)
      cucumber-create-meta (~> 6.0, >= 6.0.1)
      cucumber-cucumber-expressions (~> 14.0, >= 14.0.0)
      cucumber-gherkin (~> 22.0, >= 22.0.0)
      cucumber-html-formatter (~> 17.0, >= 17.0.0)
      cucumber-messages (~> 17.1, >= 17.1.1)
      cucumber-wire (~> 6.2, >= 6.2.0)
      diff-lcs (~> 1.4, >= 1.4.4)
      mime-types (~> 3.3, >= 3.3.1)
      multi_test (~> 0.1, >= 0.1.2)
      sys-uname (~> 1.2, >= 1.2.2)
    cucumber-core (10.1.1)
      cucumber-gherkin (~> 22.0, >= 22.0.0)
      cucumber-messages (~> 17.1, >= 17.1.1)
      cucumber-tag-expressions (~> 4.1, >= 4.1.0)
    cucumber-create-meta (6.0.4)
      cucumber-messages (~> 17.1, >= 17.1.1)
      sys-uname (~> 1.2, >= 1.2.2)
    cucumber-cucumber-expressions (14.0.0)
    cucumber-gherkin (22.0.0)
      cucumber-messages (~> 17.1, >= 17.1.1)
    cucumber-html-formatter (17.0.0)
      cucumber-messages (~> 17.1, >= 17.1.0)
    cucumber-messages (17.1.1)
    cucumber-rails (2.4.0)
      capybara (>= 2.18, < 4)
      cucumber (>= 3.2, < 8)
      mime-types (~> 3.3)
      nokogiri (~> 1.10)
      railties (>= 5.0, < 7)
      rexml (~> 3.0)
      webrick (~> 1.7)
    cucumber-tag-expressions (4.1.0)
    cucumber-wire (6.2.1)
      cucumber-core (~> 10.1, >= 10.1.0)
      cucumber-cucumber-expressions (~> 14.0, >= 14.0.0)
    database_cleaner (1.7.0)
    devise (4.8.1)
      bcrypt (~> 3.0)
      orm_adapter (~> 0.1)
      railties (>= 4.1.0)
      responders
      warden (~> 1.2.3)
    diff-lcs (1.5.0)
    erubi (1.10.0)
    factory_bot (6.2.0)
      activesupport (>= 5.0.0)
    factory_bot_rails (6.2.0)
      factory_bot (~> 6.2.0)
      railties (>= 5.0.0)
    ffi (1.15.5)
    globalid (1.0.0)
      activesupport (>= 5.0)
    i18n (1.9.1)
      concurrent-ruby (~> 1.0)
    jaro_winkler (1.5.4)
    jbuilder (2.10.0)
      activesupport (>= 5.0.0)
    listen (3.1.5)
      rb-fsevent (~> 0.9, >= 0.9.4)
      rb-inotify (~> 0.9, >= 0.9.7)
      ruby_dep (~> 1.2)
    loofah (2.14.0)
      crass (~> 1.0.2)
      nokogiri (>= 1.5.9)
    mail (2.7.1)
      mini_mime (>= 0.1.1)
    marcel (1.0.2)
    matrix (0.4.2)
    method_source (1.0.0)
    mime-types (3.4.1)
      mime-types-data (~> 3.2015)
    mime-types-data (3.2022.0105)
    mini_mime (1.1.2)
    mini_portile2 (2.7.1)
    minitest (5.15.0)
    msgpack (1.3.3)
    multi_test (0.1.2)
    nio4r (2.5.8)
    nokogiri (1.13.1)
      mini_portile2 (~> 2.7.0)
      racc (~> 1.4)
    orm_adapter (0.5.0)
    parallel (1.19.1)
    parser (2.7.0.3)
      ast (~> 2.4.0)
    pg (1.2.2)
    public_suffix (4.0.6)
    puma (4.3.11)
      nio4r (~> 2.0)
    racc (1.6.0)
    rack (2.2.3)
    rack-proxy (0.7.2)
      rack
    rack-test (1.1.0)
      rack (>= 1.0, < 3)
    rails (6.0.4.6)
      actioncable (= 6.0.4.6)
      actionmailbox (= 6.0.4.6)
      actionmailer (= 6.0.4.6)
      actionpack (= 6.0.4.6)
      actiontext (= 6.0.4.6)
      actionview (= 6.0.4.6)
      activejob (= 6.0.4.6)
      activemodel (= 6.0.4.6)
      activerecord (= 6.0.4.6)
      activestorage (= 6.0.4.6)
      activesupport (= 6.0.4.6)
      bundler (>= 1.3.0)
      railties (= 6.0.4.6)
      sprockets-rails (>= 2.0.0)
    rails-controller-testing (1.0.5)
      actionpack (>= 5.0.1.rc1)
      actionview (>= 5.0.1.rc1)
      activesupport (>= 5.0.1.rc1)
    rails-dom-testing (2.0.3)
      activesupport (>= 4.2.0)
      nokogiri (>= 1.6)
    rails-html-sanitizer (1.4.2)
      loofah (~> 2.3)
    railties (6.0.4.6)
      actionpack (= 6.0.4.6)
      activesupport (= 6.0.4.6)
      method_source
      rake (>= 0.8.7)
      thor (>= 0.20.3, < 2.0)
    rainbow (3.0.0)
    rake (13.0.6)
    rb-fsevent (0.10.3)
    rb-inotify (0.10.1)
      ffi (~> 1.0)
    regexp_parser (2.2.1)
    responders (3.0.1)
      actionpack (>= 5.0)
      railties (>= 5.0)
    rexml (3.2.5)
    rubocop (0.74.0)
      jaro_winkler (~> 1.5.1)
      parallel (~> 1.10)
      parser (>= 2.6)
      rainbow (>= 2.2.2, < 4.0)
      ruby-progressbar (~> 1.7)
      unicode-display_width (>= 1.4.0, < 1.7)
    rubocop-performance (1.5.2)
      rubocop (>= 0.71.0)
    rubocop-rails (2.4.2)
      rack (>= 1.1)
      rubocop (>= 0.72.0)
    rubocop-rspec (1.38.1)
      rubocop (>= 0.68.1)
    ruby-progressbar (1.10.1)
    ruby_dep (1.5.0)
    rubyzip (2.2.0)
    sass-rails (6.0.0)
      sassc-rails (~> 2.1, >= 2.1.1)
    sassc (2.4.0)
      ffi (~> 1.9)
    sassc-rails (2.1.2)
      railties (>= 4.0.0)
      sassc (>= 2.0)
      sprockets (> 3.0)
      sprockets-rails
      tilt
    selenium-webdriver (3.142.7)
      childprocess (>= 0.5, < 4.0)
      rubyzip (>= 1.2.2)
    shoulda-matchers (4.3.0)
      activesupport (>= 4.2.0)
    spring (2.1.0)
    spring-watcher-listen (2.0.1)
      listen (>= 2.7, < 4.0)
      spring (>= 1.2, < 3.0)
    sprockets (4.0.2)
      concurrent-ruby (~> 1.0)
      rack (> 1, < 3)
    sprockets-rails (3.4.2)
      actionpack (>= 5.2)
      activesupport (>= 5.2)
      sprockets (>= 3.0.0)
    sys-uname (1.2.2)
      ffi (~> 1.1)
    thor (1.2.1)
    thread_safe (0.3.6)
    tilt (2.0.10)
    turbolinks (5.2.1)
      turbolinks-source (~> 5.2)
    turbolinks-source (5.2.0)
    tzinfo (1.2.9)
      thread_safe (~> 0.1)
    unicode-display_width (1.6.1)
    warden (1.2.9)
      rack (>= 2.0.9)
    web-console (4.2.0)
      actionview (>= 6.0.0)
      activemodel (>= 6.0.0)
      bindex (>= 0.4.0)
      railties (>= 6.0.0)
    webdrivers (4.2.0)
      nokogiri (~> 1.6)
      rubyzip (>= 1.3.0)
      selenium-webdriver (>= 3.0, < 4.0)
    webpacker (4.3.0)
      activesupport (>= 4.2)
      rack-proxy (>= 0.6.1)
      railties (>= 4.2)
    webrick (1.7.0)
    websocket-driver (0.7.5)
      websocket-extensions (>= 0.1.0)
    websocket-extensions (0.1.5)
    xpath (3.2.0)
      nokogiri (~> 1.8)
    zeitwerk (2.5.4)

PLATFORMS
  ruby

DEPENDENCIES
  bootsnap (>= 1.4.2)
  byebug
  capybara (>= 2.15)
  cucumber-rails (>= 2.0.0)
  database_cleaner
  devise (>= 4.7.1)
  factory_bot_rails (>= 5.1.1)
  jbuilder (~> 2.7)
  listen (>= 3.0.5, < 3.2)
  pg (>= 0.18, < 2.0)
  puma (~> 4.3, >= 4.3.11)
  rails (~> 6.0.4, >= 6.0.4.6)
  rails-controller-testing (>= 1.0.4)
  rspec-core!
  rspec-expectations!
  rspec-mocks!
  rspec-rails!
  rspec-support!
  rubocop (~> 0.74.0)
  rubocop-performance
  rubocop-rails
  rubocop-rspec
  sass-rails (>= 6.0.0)
  selenium-webdriver
  shoulda-matchers
  spring
  spring-watcher-listen (~> 2.0.0)
  turbolinks (~> 5)
  web-console (>= 4.0.1)
  webdrivers
  webpacker (~> 4.2, >= 4.2.2)

RUBY VERSION
   ruby 2.6.3p62

BUNDLED WITH
   1.17.3
